GIT
  remote: git://github.com/celluloid/lattice.git
  revision: 2241af78cf4de50b683e614b7aefac9c31f170e4
  specs:
    lattice (0.3.0)
      activesupport (~> 4.0.0)
      celluloid (>= 0.15.1)
      colorize (>= 0.5.0)
      reel (>= 0.4.0)
      thor (>= 0.18.0)
      webmachine (~> 1.2.1)

GIT
  remote: git://github.com/seancribbs/webmachine-ruby.git
  revision: 4bb9ce8e76653fed4217372374ff044188e4fe50
  specs:
    webmachine (1.2.2)
      as-notifications (~> 1.0)
      i18n (>= 0.4.0)
      multi_json

GEM
  remote: https://rubygems.org/
  specs:
    actionpack (4.0.2)
      activesupport (= 4.0.2)
      builder (~> 3.1.0)
      erubis (~> 2.7.0)
      rack (~> 1.5.2)
      rack-test (~> 0.6.2)
    activesupport (4.0.2)
      i18n (~> 0.6, >= 0.6.4)
      minitest (~> 4.2)
      multi_json (~> 1.3)
      thread_safe (~> 0.1)
      tzinfo (~> 0.3.37)
    as-notifications (1.0.1)
    atomic (1.1.14)
    builder (3.1.4)
    celluloid (0.15.2)
      timers (~> 1.1.0)
    celluloid-io (0.15.0)
      celluloid (>= 0.15.0)
      nio4r (>= 0.5.0)
    colorize (0.6.0)
    dotenv (0.9.0)
    erubis (2.7.0)
    foreman (0.63.0)
      dotenv (>= 0.7)
      thor (>= 0.13.6)
    hike (1.2.3)
    http (0.5.0)
      http_parser.rb
    http_parser.rb (0.6.0)
    httparty (0.12.0)
      json (~> 1.8)
      multi_xml (>= 0.5.2)
    i18n (0.6.9)
    json (1.8.1)
    minitest (4.7.5)
    multi_json (1.8.4)
    multi_xml (0.5.5)
    nio4r (1.0.0)
    rack (1.5.2)
    rack-test (0.6.2)
      rack (>= 1.0)
    reel (0.4.0)
      celluloid (>= 0.15.1)
      celluloid-io (>= 0.15.0)
      http (>= 0.5.0)
      http_parser.rb (>= 0.6.0.beta.2)
      websocket_parser (>= 0.1.4)
    sequel (4.6.0)
    sprockets (2.10.1)
      hike (~> 1.2)
      multi_json (~> 1.0)
      rack (~> 1.0)
      tilt (~> 1.1, != 1.3.0)
    sqlite3 (1.3.8)
    thor (0.18.1)
    thread_safe (0.1.3)
      atomic
    tilt (1.4.1)
    timers (1.1.0)
    tzinfo (0.3.38)
    webmachine-actionview (0.0.1)
      actionpack
      activesupport
      webmachine
    webmachine-sprockets (0.2.0)
      sprockets (~> 2.0)
      webmachine (~> 1.0)
    webmachine-test (0.2.1)
      webmachine
    websocket_parser (0.1.5)
      http

PLATFORMS
  ruby

DEPENDENCIES
  foreman
  httparty
  lattice!
  sequel
  sqlite3
  webmachine!
  webmachine-actionview
  webmachine-sprockets
  webmachine-test
